GEM
  remote: https://rubygems.org/
  specs:
    nio4r (2.7.4)
    puma (7.0.4)
      nio4r (~> 2.0)
    rack (3.2.1)
    roda (3.96.0)
      rack

PLATFORMS
  arm64-darwin-24
  arm64-darwin-25

DEPENDENCIES
  puma
  roda

BUNDLED WITH
   2.7.2
