GEM
  remote: https://rubygems.org/
  specs:
    nio4r (2.7.4)
    nokogiri (1.18.10-arm64-darwin)
      racc (~> 1.4)
    puma (7.0.4)
      nio4r (~> 2.0)
    racc (1.8.1)
    rack (3.2.1)
    roda (3.96.0)
      rack

PLATFORMS
  arm64-darwin-24

DEPENDENCIES
  nokogiri
  puma
  roda

BUNDLED WITH
   2.7.2
